PATH
  remote: .
  specs:
    Locca (0.1.0)
      gli

GEM
  remote: https://rubygems.org/
  specs:
    gli (2.9.0)
    json (1.7.5)
    minitest (5.2.2)
    rake (10.0.2)
    rdoc (3.12)
      json (~> 1.4)

PLATFORMS
  ruby

DEPENDENCIES
  Locca!
  minitest
  rake
  rdoc
