PATH
  remote: .
  specs:
    Locca (0.1.0)
      gli
      rchardet19

GEM
  remote: https://rubygems.org/
  specs:
    gli (2.9.0)
    json (1.7.5)
    rake (10.0.2)
    rchardet19 (1.3.5)
    rdoc (3.12)
      json (~> 1.4)

PLATFORMS
  ruby

DEPENDENCIES
  Locca!
  rake
  rdoc
