PATH
  remote: .
  specs:
    locca (2.2.5)
      gli (~> 2.0, >= 2.0)
      json (~> 2.1, >= 2.1)
      nokogiri (~> 1.8, >= 1.8)
      rest-client (~> 2.0, >= 2.0)
      xcodeproj (~> 1.5, >= 1.5)

GEM
  remote: https://rubygems.org/
  specs:
    CFPropertyList (3.0.1)
    atomos (0.1.3)
    claide (1.0.3)
    colored2 (3.1.2)
    domain_name (0.5.20190701)
      unf (>= 0.0.5, < 1.0.0)
    gli (2.19.0)
    http-accept (1.7.0)
    http-cookie (1.0.3)
      domain_name (~> 0.5)
    json (2.2.0)
    mime-types (3.3)
      mime-types-data (~> 3.2015)
    mime-types-data (3.2019.1009)
    mini_portile2 (2.4.0)
    minitest (5.13.0)
    mocha (1.10.0)
    nanaimo (0.2.6)
    netrc (0.11.0)
    nokogiri (1.10.5)
      mini_portile2 (~> 2.4.0)
    rake (12.3.3)
    rdoc (6.2.0)
    rest-client (2.1.0)
      http-accept (>= 1.7.0, < 2.0)
      http-cookie (>= 1.0.2, < 2.0)
      mime-types (>= 1.16, < 4.0)
      netrc (~> 0.8)
    unf (0.1.4)
      unf_ext
    unf_ext (0.0.7.6)
    xcodeproj (1.13.0)
      CFPropertyList (>= 2.3.3, < 4.0)
      atomos (~> 0.1.3)
      claide (>= 1.0.2, < 2.0)
      colored2 (~> 3.1)
      nanaimo (~> 0.2.6)

PLATFORMS
  ruby

DEPENDENCIES
  json
  locca!
  minitest (~> 5.0, >= 5.0)
  mocha (~> 1.5, >= 1.5)
  nokogiri
  rake (~> 12.0, >= 12.0)
  rdoc (~> 6.0, >= 6.0)
  rest-client
  xcodeproj

BUNDLED WITH
   1.17.2
