PATH
  remote: .
  specs:
    locca (2.0.0)
      gli
      json
      nokogiri
      rest-client
      xcodeproj

GEM
  remote: https://rubygems.org/
  specs:
    CFPropertyList (3.0.0)
    atomos (0.1.2)
    claide (1.0.2)
    colored2 (3.1.2)
    domain_name (0.5.20180417)
      unf (>= 0.0.5, < 1.0.0)
    gli (2.17.1)
    http-cookie (1.0.3)
      domain_name (~> 0.5)
    json (2.1.0)
    metaclass (0.0.4)
    mime-types (3.1)
      mime-types-data (~> 3.2015)
    mime-types-data (3.2016.0521)
    mini_portile2 (2.3.0)
    minitest (5.11.3)
    mocha (1.5.0)
      metaclass (~> 0.0.1)
    nanaimo (0.2.5)
    netrc (0.11.0)
    nokogiri (1.8.2)
      mini_portile2 (~> 2.3.0)
    rake (12.3.1)
    rdoc (6.0.4)
    rest-client (2.0.2)
      http-cookie (>= 1.0.2, < 2.0)
      mime-types (>= 1.16, < 4.0)
      netrc (~> 0.8)
    unf (0.1.4)
      unf_ext
    unf_ext (0.0.7.5)
    xcodeproj (1.5.9)
      CFPropertyList (>= 2.3.3, < 4.0)
      atomos (~> 0.1.2)
      claide (>= 1.0.2, < 2.0)
      colored2 (~> 3.1)
      nanaimo (~> 0.2.5)

PLATFORMS
  ruby

DEPENDENCIES
  json
  locca!
  minitest
  mocha
  nokogiri
  rake
  rdoc
  rest-client
  xcodeproj

BUNDLED WITH
   1.16.0
